NUGET
  remote: https://www.nuget.org/api/v2
    BCrypt-Official (0.1.109)
    canopy (1.5)
      FSharp.Core (>= 3.0.2)
      Selenium.WebDriver (>= 3.4)
    canopy.integration (1.5)
      canopy (>= 1.5)
      FSharp.Core (>= 3.0.2)
      FSharp.Data (>= 2.3.3)
    FAKE (4.28)
    FSharp.Core (4.0.0.1)
    FSharp.Data (2.3.3)
      Zlib.Portable (>= 1.11) - restriction: || (&& (< net40) (>= portable-net45+win8)) (&& (< net40) (>= portable-net45+win8+sl5) (< portable-net45+win8+wp8+wpa81)) (&& (< net40) (< portable-net45+win8+sl5) (>= portable-net45+win8+wp8+wpa81))
    FsPickler (2.3)
    FsPickler.Json (2.3)
      FsPickler (2.3)
      Newtonsoft.Json (>= 6.0.5)
    Http.fs (1.5.1)
    Newtonsoft.Json (8.0.3)
    Npgsql (3.0.8)
    Selenium.WebDriver (3.5.2)
    Suave (1.1.2)
      FSharp.Core (>= 3.1.2.5)
    Suave.Experimental (1.1.2)
      FSharp.Core (>= 3.1.2.5)
      Suave (>= 1.1.2)
    Zlib.Portable (1.11) - restriction: || (&& (< net40) (>= portable-net45+win8)) (&& (< net40) (>= portable-net45+win8+sl5) (< portable-net45+win8+wp8+wpa81)) (&& (< net40) (< portable-net45+win8+sl5) (>= portable-net45+win8+wp8+wpa81))
